RESTRICTION: == net472
NUGET
  remote: https://www.nuget.org/api/v2
    ExtCore (0.8.46)
    FAKE (5.8.4)
    Fantomas (3.0.0-beta-002)
      FSharp.Compiler.Service (>= 30.0)
    FSharp.Compiler.CodeDom (0.9.2)
    FSharp.Compiler.Service (31.0)
      FSharp.Core (>= 4.6.2)
      System.Collections.Immutable (>= 1.5)
      System.Reflection.Metadata (>= 1.6)
      System.ValueTuple (>= 4.4)
    FSharp.Core (4.7)
    Mono.Cecil (0.10.0-beta6)
    Newtonsoft.Json (12.0.2)
    StrongNamer (0.0.8)
    System.Collections.Immutable (1.5)
    System.Reactive (4.1.5)
      System.Threading.Tasks.Extensions (>= 4.5.2)
      System.ValueTuple (>= 4.5)
    System.Reactive.Linq (4.1.5)
      System.Reactive (>= 4.1.5)
      System.Threading.Tasks.Extensions (>= 4.5.2)
    System.Reflection.Metadata (1.6)
      System.Collections.Immutable (>= 1.5)
    System.Runtime.CompilerServices.Unsafe (4.5.2)
    System.Threading.Tasks.Extensions (4.5.2)
      System.Runtime.CompilerServices.Unsafe (>= 4.5.2)
    System.ValueTuple (4.5)
