RESTRICTION: == net461
NUGET
  remote: https://www.nuget.org/api/v2
    ExtCore (0.8.46)
    FAKE (4.61.1)
    Fantomas (2.6.1)
      FSharp.Compiler.Service (>= 11.0.4)
    FSharp.Compiler.CodeDom (0.9.2)
    FSharp.Compiler.Service (22.0.1)
      FSharp.Core (>= 4.1.18)
      Microsoft.DiaSymReader (>= 1.1)
      Microsoft.DiaSymReader.PortablePdb (>= 1.2)
      System.Collections.Immutable (>= 1.3.1)
      System.Reflection.Metadata (>= 1.4.2)
      System.ValueTuple (>= 4.4)
    FSharp.Core (4.3.3)
    Microsoft.DiaSymReader (1.2)
      Microsoft.Net.Compilers (>= 2.3)
    Microsoft.DiaSymReader.PortablePdb (1.4)
      Microsoft.DiaSymReader (>= 1.2)
      System.Collections (>= 4.3)
      System.Collections.Immutable (>= 1.3.1)
      System.Diagnostics.Debug (>= 4.3)
      System.Globalization (>= 4.3)
      System.IO (>= 4.3)
      System.Linq (>= 4.3)
      System.Reflection (>= 4.3)
      System.Reflection.Metadata (>= 1.4.2)
      System.Reflection.Primitives (>= 4.3)
      System.Runtime (>= 4.3)
      System.Runtime.Extensions (>= 4.3)
      System.Runtime.InteropServices (>= 4.3)
      System.Text.Encoding (>= 4.3)
      System.Threading (>= 4.3)
    Microsoft.Net.Compilers (2.7)
    Mono.Cecil (0.10.0-beta6)
    Newtonsoft.Json (10.0.3)
    StrongNamer (0.0.6)
    System.Collections (4.3)
    System.Collections.Immutable (1.3.1)
    System.Diagnostics.Debug (4.3)
    System.Globalization (4.3)
    System.IO (4.3)
    System.Linq (4.3)
    System.Reactive.Core (3.1.1)
      System.Reactive.Interfaces (>= 3.1.1)
    System.Reactive.Interfaces (3.1.1)
    System.Reactive.Linq (3.1.1)
      System.Reactive.Core (>= 3.1.1)
    System.Reflection (4.3)
    System.Reflection.Metadata (1.4.2)
      System.Collections.Immutable (>= 1.3.1)
    System.Reflection.Primitives (4.3)
    System.Runtime (4.3)
    System.Runtime.Extensions (4.3)
    System.Runtime.InteropServices (4.3)
    System.Text.Encoding (4.3)
    System.Threading (4.3)
    System.ValueTuple (4.4)
